GEM
  remote: http://rubygems.org/
  specs:
    activemodel (4.1.7)
      activesupport (= 4.1.7)
      builder (~> 3.1)
    activerecord (4.1.7)
      activemodel (= 4.1.7)
      activesupport (= 4.1.7)
      arel (~> 5.0.0)
    activesupport (4.1.7)
      i18n (~> 0.6, >= 0.6.9)
      json (~> 1.7, >= 1.7.7)
      minitest (~> 5.1)
      thread_safe (~> 0.1)
      tzinfo (~> 1.1)
    arel (5.0.1.20140414130214)
    builder (3.2.2)
    daemons (1.1.9)
    eventmachine (1.0.3)
    fetcher (0.4.4)
      logutils (>= 0.6)
    gli (2.12.2)
    i18n (0.6.11)
    json (1.8.1)
    logutils (0.6.0)
    minitest (5.4.3)
    pg (0.17.1)
    props (1.1.1)
    rack (1.5.2)
    rack-protection (1.5.3)
      rack
    rubyzip (1.1.6)
    sinatra (1.4.5)
      rack (~> 1.4)
      rack-protection (~> 1.4)
      tilt (~> 1.3, >= 1.3.4)
    sqlite3 (1.3.10)
    tagutils (0.2.2)
      activerecord
      logutils (>= 0.6)
    textutils (0.9.10)
      activesupport
      logutils
      props
      rubyzip
    thin (1.6.3)
      daemons (~> 1.0, >= 1.0.9)
      eventmachine (~> 1.0)
      rack (~> 1.0)
    thread_safe (0.3.4)
    tilt (1.4.1)
    tzinfo (1.2.2)
      thread_safe (~> 0.1)
    worlddb (2.0.5)
      activerecord
      gli (>= 2.9)
      logutils
      props
      rubyzip
      tagutils
      textutils (>= 0.9.9)

PLATFORMS
  ruby

DEPENDENCIES
  activerecord
  fetcher
  pg
  sinatra
  sqlite3
  thin
  worlddb
